PATH
  remote: .
  specs:
    mosespa (1.4.4)
      colorize
      jira-ruby
      table_print
      trollop

GEM
  remote: https://rubygems.org/
  specs:
    activesupport (4.1.4)
      i18n (~> 0.6, >= 0.6.9)
      json (~> 1.7, >= 1.7.7)
      minitest (~> 5.1)
      thread_safe (~> 0.1)
      tzinfo (~> 1.1)
    colorize (0.7.3)
    i18n (0.6.11)
    jira-ruby (0.1.11)
      activesupport (~> 4.1.4)
      oauth (~> 0.4.7)
    json (1.8.1)
    minitest (5.4.0)
    oauth (0.4.7)
    table_print (1.5.3)
    thread_safe (0.3.4)
    trollop (2.0)
    tzinfo (1.2.2)
      thread_safe (~> 0.1)

PLATFORMS
  ruby

DEPENDENCIES
  mosespa!
