PATH
  remote: .
  specs:
    mosespa (1.3.0)
      colorize
      jira-ruby
      table_print
      trollop

GEM
  remote: https://rubygems.org/
  specs:
    activesupport (4.1.0)
      i18n (~> 0.6, >= 0.6.9)
      json (~> 1.7, >= 1.7.7)
      minitest (~> 5.1)
      thread_safe (~> 0.1)
      tzinfo (~> 1.1)
    colorize (0.7.2)
    i18n (0.6.9)
    jira-ruby (0.1.9)
      activesupport
      oauth
    json (1.8.1)
    minitest (5.3.3)
    oauth (0.4.7)
    table_print (1.5.1)
    thread_safe (0.3.3)
    trollop (2.0)
    tzinfo (1.1.0)
      thread_safe (~> 0.1)

PLATFORMS
  ruby

DEPENDENCIES
  mosespa!
