PATH
  remote: .
  specs:
    mosespa (1.4.2)
      colorize
      jira-ruby
      table_print
      trollop

GEM
  remote: https://rubygems.org/
  specs:
    activesupport (3.2.17)
      i18n (~> 0.6, >= 0.6.4)
      multi_json (~> 1.0)
    colorize (0.7.3)
    i18n (0.6.9)
    jira-ruby (0.1.10)
      activesupport
      oauth
    multi_json (1.10.1)
    oauth (0.4.7)
    table_print (1.5.2)
    trollop (2.0)

PLATFORMS
  ruby

DEPENDENCIES
  mosespa!
